GEM
  remote: https://rubygems.org/
  specs:
    coderay (1.0.9)
    method_source (0.8.1)
    pry (0.9.12.2)
      coderay (~> 1.0.5)
      method_source (~> 0.8)
      slop (~> 3.4)
    sequel (4.0.0)
    slop (3.4.5)
    sqlite3 (1.3.7)

PLATFORMS
  ruby

DEPENDENCIES
  pry
  sequel
  sqlite3
